GEM
  remote: http://rubygems.org/
  remote: http://gems.github.com/
  specs:
    BlueCloth (1.0.1)
    actionmailer (2.3.8)
      actionpack (= 2.3.8)
    actionpack (2.3.8)
      activesupport (= 2.3.8)
      rack (~> 1.1.0)
    activerecord (2.3.8)
      activesupport (= 2.3.8)
    activeresource (2.3.8)
      activesupport (= 2.3.8)
    activesupport (2.3.8)
    babosa (0.2.0)
    builder (2.1.2)
    crack (0.1.8)
    cucumber (0.8.5)
      builder (~> 2.1.2)
      diff-lcs (~> 1.1.2)
      gherkin (~> 2.1.4)
      json_pure (~> 1.4.3)
      term-ansicolor (~> 1.0.4)
    cucumber-rails (0.3.2)
      cucumber (>= 0.8.0)
    database_cleaner (0.5.2)
    diff-lcs (1.1.2)
    factory_girl (1.3.2)
    friendly_id (3.1.6)
      babosa (~> 0.2.0)
    geokit (1.5.0)
    gherkin (2.1.5)
      trollop (~> 1.16.2)
    haml (3.0.12)
    hashie (0.1.8)
    httparty (0.6.1)
      crack (= 0.1.8)
    json_pure (1.4.6)
    mocha (0.9.8)
      rake
    mysql (2.8.1)
    nifty-generators (0.4.0)
    nokogiri (1.4.3.1)
    oauth (0.3.6)
      ruby-hmac (>= 0.3.1)
    open4 (0.9.6)
    paperclip (2.3.3)
      activerecord
      activesupport
    pickle (0.2.11)
    rack (1.1.0)
    rack-test (0.5.4)
      rack (>= 1.0)
    rails (2.3.8)
      actionmailer (= 2.3.8)
      actionpack (= 2.3.8)
      activerecord (= 2.3.8)
      activeresource (= 2.3.8)
      activesupport (= 2.3.8)
      rake (>= 0.8.3)
    rake (0.8.7)
    rake-remote_task (2.0.2)
      open4 (~> 0.9.0)
      rake (~> 0.8.0)
    rspec (1.3.0)
    rspec-rails (1.3.2)
      rack (>= 1.0.0)
      rspec (>= 1.3.0)
    ruby-hmac (0.4.0)
    shoulda (2.10.3)
    sqlite3-ruby (1.2.5)
    subdomain-fu (0.5.4)
    term-ansicolor (1.0.5)
    thoughtbot-clearance (0.6.9)
    trollop (1.16.2)
    twitter (0.9.0)
      hashie (~> 0.1.3)
      httparty (>= 0.5.2)
      oauth (~> 0.3.6)
    vlad (2.1.0)
      open4 (~> 0.9.0)
      rake (~> 0.8.0)
      rake-remote_task (~> 2.0)
    vlad-git (2.0.0)
    webrat (0.7.1)
      nokogiri (>= 1.2.0)
      rack (>= 1.0)
      rack-test (>= 0.5.3)

PLATFORMS
  ruby

DEPENDENCIES
  BlueCloth
  cucumber (= 0.8.5)
  cucumber-rails (>= 0.3.1)
  database_cleaner (>= 0.5.0)
  factory_girl
  friendly_id (~> 3.1)
  geokit
  haml (= 3.0.12)
  httparty
  mocha
  mysql
  nifty-generators
  paperclip
  pickle (= 0.2.11)
  rails (= 2.3.8)
  rspec (>= 1.2.8)
  rspec-rails (>= 1.2.7.1)
  shoulda (= 2.10.3)
  sqlite3-ruby (= 1.2.5)
  subdomain-fu
  thoughtbot-clearance (= 0.6.9)
  twitter
  vlad
  vlad-git (= 2.0.0)
  webrat (>= 0.5.0)
